GEM
  remote: http://rubygems.org/
  specs:
    activemodel (3.1.0)
      activesupport (= 3.1.0)
      bcrypt-ruby (~> 3.0.0)
      builder (~> 3.0.0)
      i18n (~> 0.6)
    activerecord (3.1.0)
      activemodel (= 3.1.0)
      activesupport (= 3.1.0)
      arel (~> 2.2.1)
      tzinfo (~> 0.3.29)
    activesupport (3.1.0)
      multi_json (~> 1.0)
    arel (2.2.1)
    bcrypt-ruby (3.0.0-java)
    bouncy-castle-java (1.5.0146.1)
    builder (3.0.0)
    columnize (0.3.1)
    i18n (0.6.0)
    jruby-openssl (0.7.4)
      bouncy-castle-java
    mocha (0.9.8)
      rake
    multi_json (1.0.3)
    rake (0.9.2.2)
    ruby-debug (0.10.4)
      columnize (>= 0.1)
      ruby-debug-base (~> 0.10.4.0)
    ruby-debug-base (0.10.4-java)
    tzinfo (0.3.29)

PLATFORMS
  java

DEPENDENCIES
  activerecord
  jruby-openssl
  mocha
  rake
  ruby-debug
